GEM
  remote: http://rubygems.org/
  specs:
    actioncable (5.0.0.rc1)
      actionpack (= 5.0.0.rc1)
      nio4r (~> 1.2)
      websocket-driver (~> 0.6.1)
    actionmailer (5.0.0.rc1)
      actionpack (= 5.0.0.rc1)
      actionview (= 5.0.0.rc1)
      activejob (= 5.0.0.rc1)
      mail (~> 2.5, >= 2.5.4)
      rails-dom-testing (~> 1.0, >= 1.0.5)
    actionpack (5.0.0.rc1)
      actionview (= 5.0.0.rc1)
      activesupport (= 5.0.0.rc1)
      rack (~> 2.x)
      rack-test (~> 0.6.3)
      rails-dom-testing (~> 1.0, >= 1.0.5)
      rails-html-sanitizer (~> 1.0, >= 1.0.2)
    actionview (5.0.0.rc1)
      activesupport (= 5.0.0.rc1)
      builder (~> 3.1)
      erubis (~> 2.7.0)
      rails-dom-testing (~> 1.0, >= 1.0.5)
      rails-html-sanitizer (~> 1.0, >= 1.0.2)
    activejob (5.0.0.rc1)
      activesupport (= 5.0.0.rc1)
      globalid (>= 0.3.6)
    activemodel (5.0.0.rc1)
      activesupport (= 5.0.0.rc1)
    activerecord (5.0.0.rc1)
      activemodel (= 5.0.0.rc1)
      activesupport (= 5.0.0.rc1)
      arel (~> 7.0)
    activesupport (5.0.0.rc1)
      concurrent-ruby (~> 1.0, >= 1.0.2)
      i18n (~> 0.7)
      minitest (~> 5.1)
      tzinfo (~> 1.1)
    annotate (2.7.1)
      activerecord (>= 3.2, < 6.0)
      rake (>= 10.4, < 12.0)
    arel (7.0.0)
    autoprefixer-rails (6.3.6.2)
      execjs
    babel-source (5.8.35)
    babel-transpiler (0.7.0)
      babel-source (>= 4.0, < 6)
      execjs (~> 2.0)
    bootstrap-sass (3.3.6)
      autoprefixer-rails (>= 5.2.1)
      sass (>= 3.3.4)
    builder (3.2.2)
    byebug (9.0.5)
    capejs-rails (0.2.1)
      railties (>= 4.2.0, < 5.1)
    coffee-rails (4.1.1)
      coffee-script (>= 2.2.0)
      railties (>= 4.0.0, < 5.1.x)
    coffee-script (2.4.1)
      coffee-script-source
      execjs
    coffee-script-source (1.10.0)
    concurrent-ruby (1.0.2)
    debug_inspector (0.0.2)
    erubis (2.7.0)
    es6-promise-rails (3.2.1)
      railties (>= 3.1.0)
    execjs (2.7.0)
    fetch-rails (0.1.0)
      rails (>= 4.1.0)
    ffi (1.9.10)
    font-awesome-sass (4.6.2)
      sass (>= 3.2)
    globalid (0.3.6)
      activesupport (>= 4.1.0)
    i18n (0.7.0)
    jbuilder (2.5.0)
      activesupport (>= 3.0.0, < 5.1)
      multi_json (~> 1.2)
    jquery-rails (4.1.1)
      rails-dom-testing (>= 1, < 3)
      railties (>= 4.2.0)
      thor (>= 0.14, < 2.0)
    jquery-ui-rails (5.0.5)
      railties (>= 3.2.16)
    json (1.8.3)
    libv8 (3.16.14.15)
    listen (3.0.8)
      rb-fsevent (~> 0.9, >= 0.9.4)
      rb-inotify (~> 0.9, >= 0.9.7)
    lodash-rails (4.12.0)
      railties (>= 3.1)
    loofah (2.0.3)
      nokogiri (>= 1.5.9)
    mail (2.6.4)
      mime-types (>= 1.16, < 4)
    method_source (0.8.2)
    mime-types (3.1)
      mime-types-data (~> 3.2015)
    mime-types-data (3.2016.0521)
    mini_portile2 (2.1.0)
    minitest (5.9.0)
    multi_json (1.12.1)
    mysql2 (0.4.4)
    nio4r (1.2.1)
    nokogiri (1.6.8)
      mini_portile2 (~> 2.1.0)
      pkg-config (~> 1.1.7)
    pkg-config (1.1.7)
    puma (3.4.0)
    rack (2.0.0.rc1)
      json
    rack-test (0.6.3)
      rack (>= 1.0)
    rails (5.0.0.rc1)
      actioncable (= 5.0.0.rc1)
      actionmailer (= 5.0.0.rc1)
      actionpack (= 5.0.0.rc1)
      actionview (= 5.0.0.rc1)
      activejob (= 5.0.0.rc1)
      activemodel (= 5.0.0.rc1)
      activerecord (= 5.0.0.rc1)
      activesupport (= 5.0.0.rc1)
      bundler (>= 1.3.0, < 2.0)
      railties (= 5.0.0.rc1)
      sprockets-rails (>= 2.0.0)
    rails-deprecated_sanitizer (1.0.3)
      activesupport (>= 4.2.0.alpha)
    rails-dom-testing (1.0.7)
      activesupport (>= 4.2.0.beta, < 5.0)
      nokogiri (~> 1.6.0)
      rails-deprecated_sanitizer (>= 1.0.1)
    rails-html-sanitizer (1.0.3)
      loofah (~> 2.0)
    railties (5.0.0.rc1)
      actionpack (= 5.0.0.rc1)
      activesupport (= 5.0.0.rc1)
      method_source
      rake (>= 0.8.7)
      thor (>= 0.18.1, < 2.0)
    rake (11.2.2)
    rb-fsevent (0.9.7)
    rb-inotify (0.9.7)
      ffi (>= 0.5.0)
    redis (3.2.2)
    ref (2.0.0)
    sass (3.4.22)
    sass-rails (6.0.0.beta1)
      railties (>= 4.0.0, < 5.0)
      sass (~> 3.4)
      sprockets (~> 4.x)
      sprockets-rails (< 4.0)
    spring (1.7.1)
    spring-watcher-listen (2.0.0)
      listen (>= 2.7, < 4.0)
      spring (~> 1.2)
    sprockets (4.0.0.beta2)
      concurrent-ruby (~> 1.0)
      rack (> 1, < 3)
    sprockets-rails (3.0.4)
      actionpack (>= 4.0)
      activesupport (>= 4.0)
      sprockets (>= 3.0.0)
    therubyracer (0.12.2)
      libv8 (~> 3.16.14.0)
      ref
    thor (0.19.1)
    thread_safe (0.3.5)
    tzinfo (1.2.2)
      thread_safe (~> 0.1)
    uglifier (3.0.0)
      execjs (>= 0.3.0, < 3)
    web-console (3.3.0)
      activemodel (>= 4.2)
      debug_inspector
      railties (>= 4.2)
    websocket-driver (0.6.4)
      websocket-extensions (>= 0.1.0)
    websocket-extensions (0.1.2)

PLATFORMS
  ruby

DEPENDENCIES
  annotate
  babel-transpiler
  bootstrap-sass
  byebug
  capejs-rails
  coffee-rails (~> 4.1.0)
  es6-promise-rails
  fetch-rails
  font-awesome-sass
  jbuilder (~> 2.0)
  jquery-rails
  jquery-ui-rails
  listen (~> 3.0.5)
  lodash-rails
  mysql2 (>= 0.3.18, < 0.5)
  puma (~> 3.0)
  rails (>= 5.0.0.rc1, < 5.1)
  redis (~> 3.0)
  sass-rails (~> 6.0.0.beta1)
  spring
  spring-watcher-listen (~> 2.0.0)
  sprockets (~> 4.0.0.beta2)
  sprockets-rails
  therubyracer
  tzinfo-data
  uglifier (>= 1.3.0)
  web-console

BUNDLED WITH
   1.11.2
